GIT
  remote: https://github.com/CoralineAda/brewery_db.git
  revision: 4318df54624b5c790fa8db9aa644aea89ded0c14
  specs:
    brewery_db (0.2.4)
      faraday
      faraday_middleware
      hashie (>= 1.1, < 3)

GIT
  remote: https://github.com/CoralineAda/slackbotsy
  revision: 000b95ebdc4b6363bf88a6968b292c893d26d4bd
  branch: add-display-name-support
  specs:
    slackbotsy (0.4.3)
      httmultiparty
      sinatra

GEM
  remote: https://rubygems.org/
  specs:
    aasm (4.11.1)
    activemodel (5.0.1)
      activesupport (= 5.0.1)
    activesupport (5.0.1)
      concurrent-ruby (~> 1.0, >= 1.0.2)
      i18n (~> 0.7)
      minitest (~> 5.1)
      tzinfo (~> 1.1)
    addressable (2.3.8)
    airbrussh (1.1.1)
      sshkit (>= 1.6.1, != 1.7.0)
    bson (4.2.1)
    capistrano (3.7.1)
      airbrussh (>= 1.0.0)
      capistrano-harrow
      i18n
      rake (>= 10.0.0)
      sshkit (>= 1.9.0)
    capistrano-harrow (0.5.3)
    coderay (1.1.1)
    concurrent-ruby (1.0.4)
    crass (1.0.2)
    database_cleaner (1.3.0)
    diff-lcs (1.2.5)
    digest-crc (0.4.1)
    dotenv (2.1.1)
    faraday (0.9.2)
      multipart-post (>= 1.2, < 3)
    faraday_middleware (0.10.1)
      faraday (>= 0.7.4, < 1.0)
    google-api-client (0.9.20)
      addressable (~> 2.3)
      googleauth (~> 0.5)
      httpclient (~> 2.7)
      hurley (~> 0.1)
      memoist (~> 0.11)
      mime-types (>= 1.6)
      representable (~> 2.3.0)
      retriable (~> 2.0)
    google-cloud (0.23.0)
      google-cloud-bigquery (~> 0.23.0)
      google-cloud-datastore (~> 0.23.0)
      google-cloud-dns (~> 0.21.0)
      google-cloud-error_reporting (~> 0.21.0)
      google-cloud-language (~> 0.22.0)
      google-cloud-logging (~> 0.23.0)
      google-cloud-monitoring (~> 0.21.0)
      google-cloud-pubsub (~> 0.21.0)
      google-cloud-resource_manager (~> 0.21.0)
      google-cloud-speech (~> 0.21.0)
      google-cloud-storage (~> 0.23.0)
      google-cloud-translate (~> 0.22.0)
      google-cloud-vision (~> 0.21.0)
    google-cloud-bigquery (0.23.0)
      google-api-client (~> 0.9.18)
      google-cloud-core (~> 0.21.0)
    google-cloud-core (0.21.1)
      googleauth (~> 0.5.1)
    google-cloud-datastore (0.23.0)
      google-cloud-core (~> 0.21.0)
      google-gax (~> 0.6.0)
      google-protobuf (~> 3.0)
      googleapis-common-protos (~> 1.3)
      grpc (~> 1.0)
    google-cloud-dns (0.21.0)
      google-api-client (~> 0.9.11)
      google-cloud-core (~> 0.21.0)
      zonefile (~> 1.04)
    google-cloud-error_reporting (0.21.2)
      google-cloud-core (~> 0.21.0)
      google-gax (~> 0.6.0)
      google-protobuf (~> 3.0)
      googleapis-common-protos (~> 1.3)
      grpc (~> 1.0)
    google-cloud-language (0.22.0)
      google-cloud-core (~> 0.21.0)
      google-gax (~> 0.6.0)
      google-protobuf (~> 3.0)
      googleapis-common-protos (~> 1.3)
      grpc (~> 1.0)
    google-cloud-logging (0.23.2)
      google-cloud-core (~> 0.21.1)
      google-gax (~> 0.6.0)
      google-protobuf (~> 3.0)
      googleapis-common-protos (~> 1.3)
      grpc (~> 1.0)
      orderedhash (= 0.0.6)
      stackdriver-core (~> 0.21.0)
    google-cloud-monitoring (0.21.0)
      google-gax (~> 0.6.0)
      googleapis-common-protos (~> 1.3.1)
      googleauth (~> 0.5.1)
      grpc (~> 1.0)
    google-cloud-pubsub (0.21.0)
      google-cloud-core (~> 0.21.0)
      google-gax (~> 0.6.0)
      google-protobuf (~> 3.0)
      googleapis-common-protos (~> 1.3)
      grpc (~> 1.0)
      grpc-google-iam-v1 (~> 0.6.8)
    google-cloud-resource_manager (0.21.0)
      google-api-client (~> 0.9.11)
      google-cloud-core (~> 0.21.0)
    google-cloud-speech (0.21.1)
      google-cloud-core (~> 0.21.0)
      google-gax (~> 0.6.0)
      google-protobuf (~> 3.0)
      googleapis-common-protos (~> 1.3)
      grpc (~> 1.0)
    google-cloud-storage (0.23.1)
      digest-crc (~> 0.4)
      google-api-client (~> 0.9.11)
      google-cloud-core (~> 0.21.0)
    google-cloud-translate (0.22.2)
      google-cloud-core (~> 0.21.0)
      googleauth (~> 0.5.1)
    google-cloud-vision (0.21.1)
      google-cloud-core (~> 0.21.0)
      google-gax (~> 0.6.0)
      google-protobuf (~> 3.0)
      googleapis-common-protos (~> 1.3)
      grpc (~> 1.0)
    google-gax (0.6.0)
      googleapis-common-protos (~> 1.3.1)
      googleauth (~> 0.5.1)
      grpc (~> 1.0)
      rly (~> 0.2.3)
    google-protobuf (3.6.1)
    google-search (1.0.3)
      json
    googleapis-common-protos (1.3.7)
      google-protobuf (~> 3.0)
      googleapis-common-protos-types (~> 1.0)
      grpc (~> 1.0)
    googleapis-common-protos-types (1.0.1)
      google-protobuf (~> 3.0)
    googleauth (0.5.1)
      faraday (~> 0.9)
      jwt (~> 1.4)
      logging (~> 2.0)
      memoist (~> 0.12)
      multi_json (~> 1.11)
      os (~> 0.9)
      signet (~> 0.7)
    grpc (1.13.0)
      google-protobuf (~> 3.1)
      googleapis-common-protos-types (~> 1.0.0)
    grpc-google-iam-v1 (0.6.8)
      googleapis-common-protos (~> 1.3.1)
      googleauth (~> 0.5.1)
      grpc (~> 1.0)
    hashie (2.1.2)
    httmultiparty (0.3.16)
      httparty (>= 0.7.3)
      mimemagic
      multipart-post
    httparty (0.15.6)
      multi_xml (>= 0.5.2)
    httpclient (2.8.3)
    hurley (0.2)
    i18n (0.7.0)
    json (1.8.6)
    jwt (1.5.6)
    little-plugger (1.1.4)
    logging (2.2.2)
      little-plugger (~> 1.1)
      multi_json (~> 1.10)
    marky_markov (0.3.5)
      msgpack
    memoist (0.16.0)
    method_source (0.8.2)
    mime-types (3.1)
      mime-types-data (~> 3.2015)
    mime-types-data (3.2016.0521)
    mimemagic (0.3.2)
    mini_portile2 (2.4.0)
    minitest (5.10.1)
    mongo (2.4.1)
      bson (>= 4.2.1, < 5.0.0)
    mongoid (6.0.3)
      activemodel (~> 5.0)
      mongo (~> 2.3)
    msgpack (1.0.2)
    multi_json (1.13.1)
    multi_xml (0.6.0)
    multipart-post (2.0.0)
    net-scp (1.2.1)
      net-ssh (>= 2.6.5)
    net-ssh (4.0.0)
    nokogiri (1.10.4)
      mini_portile2 (~> 2.4.0)
    nokogumbo (1.4.10)
      nokogiri
    octokit (3.8.0)
      sawyer (~> 0.6.0, >= 0.5.3)
    orderedhash (0.0.6)
    os (0.9.6)
    poro_plus (1.1.5)
    pry (0.10.4)
      coderay (~> 1.1.0)
      method_source (~> 0.8.1)
      slop (~> 3.4)
    rack (1.6.5)
    rack-protection (1.5.3)
      rack
    rake (12.0.0)
    representable (2.3.0)
      uber (~> 0.0.7)
    require_all (1.3.3)
    retriable (2.1.0)
    rly (0.2.3)
    rspec (3.5.0)
      rspec-core (~> 3.5.0)
      rspec-expectations (~> 3.5.0)
      rspec-mocks (~> 3.5.0)
    rspec-core (3.5.4)
      rspec-support (~> 3.5.0)
    rspec-expectations (3.5.0)
      diff-lcs (>= 1.2.0, < 2.0)
      rspec-support (~> 3.5.0)
    rspec-mocks (3.5.0)
      diff-lcs (>= 1.2.0, < 2.0)
      rspec-support (~> 3.5.0)
    rspec-support (3.5.0)
    ruby-stemmer (0.9.6)
    rubyfish (0.0.6)
    sanitize (4.4.0)
      crass (~> 1.0.2)
      nokogiri (>= 1.4.4)
      nokogumbo (~> 1.4.1)
    sawyer (0.6.0)
      addressable (~> 2.3.5)
      faraday (~> 0.8, < 0.10)
    signet (0.8.1)
      addressable (~> 2.3)
      faraday (~> 0.9)
      jwt (>= 1.5, < 3.0)
      multi_json (~> 1.10)
    sinatra (1.4.7)
      rack (~> 1.5)
      rack-protection (~> 1.4)
      tilt (>= 1.3, < 3)
    slop (3.6.0)
    sshkit (1.11.5)
      net-scp (>= 1.1.2)
      net-ssh (>= 2.8.0)
    stackdriver-core (0.21.0)
    thread_safe (0.3.5)
    tilt (2.0.5)
    tzinfo (1.2.2)
      thread_safe (~> 0.1)
    uber (0.0.15)
    wikipedia-client (1.7.0)
    wolfram-alpha (0.3.1)
      nokogiri
    yummly (0.0.13)
      faraday (>= 0.8.7)
      json (~> 1.8.0)
      rack (>= 1.4.5)
    zonefile (1.04)

PLATFORMS
  ruby

DEPENDENCIES
  aasm
  activesupport
  brewery_db!
  capistrano
  database_cleaner (~> 1.3.0)
  dotenv
  google-cloud
  google-cloud-language
  google-search (~> 1.0)
  marky_markov
  mongoid (~> 6.0.0)
  nokogiri
  octokit (~> 3.0)
  poro_plus
  pry
  rake
  require_all
  rspec
  ruby-stemmer (>= 0.8.3)
  rubyfish
  sanitize (>= 3.0.2)
  sinatra
  slackbotsy!
  wikipedia-client (>= 1.7.0)
  wolfram-alpha
  yummly

RUBY VERSION
   ruby 2.5.3p105

BUNDLED WITH
   1.17.1
